GEM
  remote: https://rubygems.org/
  specs:
    newrelic_rpm (3.6.7.159)
    rack (1.5.2)

PLATFORMS
  ruby

DEPENDENCIES
  newrelic_rpm
  rack
